GEM
  remote: https://rubygems.org/
  specs:
    coderay (1.1.0)
    method_source (0.8.2)
    minitest (5.7.0)
    pry (0.10.1)
      coderay (~> 1.1.0)
      method_source (~> 0.8.1)
      slop (~> 3.4)
    pry-doc (0.6.0)
      pry (~> 0.9)
      yard (~> 0.8)
    rainbow (2.0.0)
    rake (10.4.2)
    require_all (1.3.2)
    slop (3.6.0)
    yard (0.8.7.6)

PLATFORMS
  ruby

DEPENDENCIES
  minitest
  pry
  pry-doc
  rainbow
  rake
  require_all

BUNDLED WITH
   1.10.3
